GEM
  remote: https://rubygems.org/
  specs:
    bigdecimal (3.1.8)
    bson (5.0.1)
    concurrent-ruby (1.3.4)
    connection_pool (2.4.1)
    csv (3.3.0)
    date (3.4.0)
    faker (3.5.1)
      i18n (>= 1.8.11, < 2)
    fileutils (1.7.3)
    httparty (0.22.0)
      csv
      mini_mime (>= 1.0.0)
      multi_xml (>= 0.5.2)
    i18n (1.14.6)
      concurrent-ruby (~> 1.0)
    json (2.7.2)
    logger (1.6.1)
    mail (2.8.1)
      mini_mime (>= 0.1.1)
      net-imap
      net-pop
      net-smtp
    mini_mime (1.1.5)
    mongo (2.21.0)
      bson (>= 4.14.1, < 6.0.0)
    multi_xml (0.7.1)
      bigdecimal (~> 3.1)
    net-imap (0.5.1)
      date
      net-protocol
    net-pop (0.1.2)
      net-protocol
    net-protocol (0.2.2)
      timeout
    net-smtp (0.5.0)
      net-protocol
    nokogiri (1.16.7-x64-mingw-ucrt)
      racc (~> 1.4)
    pony (1.13.1)
      mail (>= 2.0)
    racc (1.8.1)
    rack (3.1.8)
    redis-client (0.22.2)
      connection_pool
    sidekiq (7.3.5)
      connection_pool (>= 2.3.0)
      logger
      rack (>= 2.2.4)
      redis-client (>= 0.22.2)
    sqlite3 (2.2.0-x64-mingw-ucrt)
    timeout (0.4.2)
    yaml (0.4.0)
    zip (2.0.2)

PLATFORMS
  x64-mingw-ucrt

DEPENDENCIES
  csv
  faker
  fileutils
  httparty
  json
  logger
  mongo
  nokogiri
  pony
  sidekiq
  sqlite3
  yaml
  zip

BUNDLED WITH
   2.5.19
